GEM
  remote: https://rubygems.org/
  specs:
    curb (0.9.10)
    mini_portile2 (2.4.0)
    nokogiri (1.10.10)
      mini_portile2 (~> 2.4.0)
    rb-readline (0.5.5)

PLATFORMS
  ruby

DEPENDENCIES
  curb (~> 0.9.3)
  nokogiri (~> 1.10)
  rb-readline (~> 0.5.3)

BUNDLED WITH
   2.0.2
