GEM
  remote: https://rubygems.org/
  specs:
    curb (0.9.10)
    mini_portile2 (2.5.1)
    nokogiri (1.11.4)
      mini_portile2 (~> 2.5.0)
      racc (~> 1.4)
    racc (1.5.2)
    rb-readline (0.5.5)

PLATFORMS
  ruby

DEPENDENCIES
  curb (~> 0.9.3)
  nokogiri (~> 1.11)
  rb-readline (~> 0.5.3)

BUNDLED WITH
   2.0.2
