GEM
  remote: https://rubygems.org/
  specs:
    coderay (1.1.2)
    curb (0.9.10)
    method_source (0.9.2)
    mini_portile2 (2.4.0)
    nokogiri (1.10.4)
      mini_portile2 (~> 2.4.0)
    pry (0.12.2)
      coderay (~> 1.1.0)
      method_source (~> 0.9.0)
    rb-readline (0.5.5)

PLATFORMS
  ruby

DEPENDENCIES
  curb (~> 0.9.3)
  nokogiri (~> 1.10, >= 1.10.4)
  pry
  rb-readline (~> 0.5.3)

BUNDLED WITH
   2.0.2
